GEM
  remote: https://rubygems.org/
  specs:
    cuba (3.4.0)
      rack
    dotenv (1.0.2)
    foreman (0.77.0)
      dotenv (~> 1.0.2)
      thor (~> 0.19.1)
    haml (4.0.6)
      tilt
    puma (2.11.1)
      rack (>= 1.1, < 2.0)
    rack (1.6.0)
    thor (0.19.1)
    tilt (2.0.1)

PLATFORMS
  ruby

DEPENDENCIES
  cuba
  foreman
  haml
  puma
